GEM
  remote: http://rubygems.org/
  specs:
    actionmailer (2.3.10)
      actionpack (= 2.3.10)
    actionpack (2.3.10)
      activesupport (= 2.3.10)
      rack (~> 1.1.0)
    activerecord (2.3.10)
      activesupport (= 2.3.10)
    activeresource (2.3.10)
      activesupport (= 2.3.10)
    activesupport (2.3.10)
    caleb-chronic (0.3.0)
    json (1.2.3)
    memcached (0.19.2)
    mime-types (1.16)
    rack (1.1.0)
    rails (2.3.10)
      actionmailer (= 2.3.10)
      actionpack (= 2.3.10)
      activerecord (= 2.3.10)
      activeresource (= 2.3.10)
      activesupport (= 2.3.10)
      rake (>= 0.8.3)
    rake (0.8.7)
    rest-client (1.5.1)
      mime-types (>= 1.16)
    sqlite3-ruby (1.2.5)

PLATFORMS
  ruby

DEPENDENCIES
  caleb-chronic (= 0.3.0)
  json (= 1.2.3)
  memcached (= 0.19.2)
  rails (= 2.3.10)
  rest-client (= 1.5.1)
  sqlite3-ruby (= 1.2.5)
